GEM
  remote: https://rubygems.org/
  specs:
    activesupport (5.2.3)
      concurrent-ruby (~> 1.0, >= 1.0.2)
      i18n (>= 0.7, < 2)
      minitest (~> 5.1)
      tzinfo (~> 1.1)
    aws-eventstream (1.0.3)
    aws-partitions (1.184.0)
    aws-sdk-core (3.59.0)
      aws-eventstream (~> 1.0, >= 1.0.2)
      aws-partitions (~> 1.0)
      aws-sigv4 (~> 1.1)
      jmespath (~> 1.0)
    aws-sdk-ec2 (1.99.0)
      aws-sdk-core (~> 3, >= 3.58.0)
      aws-sigv4 (~> 1.1)
    aws-sigv4 (1.1.0)
      aws-eventstream (~> 1.0, >= 1.0.2)
    concurrent-ruby (1.1.5)
    i18n (1.6.0)
      concurrent-ruby (~> 1.0)
    jmespath (1.4.0)
    minitest (5.11.3)
    thread_safe (0.3.6)
    tzinfo (1.2.5)
      thread_safe (~> 0.1)
    tzinfo-data (1.2019.2)
      tzinfo (>= 1.0.0)

PLATFORMS
  x64-mingw32

DEPENDENCIES
  activesupport
  aws-sdk-core
  aws-sdk-ec2
  tzinfo
  tzinfo-data

BUNDLED WITH
   1.17.2
